GEM
  remote: https://rubygems.org/
  specs:
    builder (3.2.2)
    json (1.8.1)
    jwt (1.0.0)
    mime-types (2.4.3)
    multi_json (1.10.1)
    netrc (0.10.2)
    rack (1.6.0)
    rack-protection (1.5.3)
      rack
    rest-client (1.7.2)
      mime-types (>= 1.16, < 3.0)
      netrc (~> 0.7)
    sinatra (1.4.5)
      rack (~> 1.4)
      rack-protection (~> 1.4)
      tilt (~> 1.3, >= 1.3.4)
    tilt (1.4.1)
    twilio-ruby (3.14.2)
      builder (>= 2.1.2)
      jwt (~> 1.0.0)
      multi_json (>= 1.3.0)

PLATFORMS
  ruby

DEPENDENCIES
  json (= 1.8.1)
  rest-client (= 1.7.2)
  sinatra (= 1.4.5)
  twilio-ruby (= 3.14.2)
